

GEM
  remote: https://rubygems.org/
  specs:
    awesome_print (1.9.2)
    coderay (1.1.3)
    method_source (1.0.0)
    pry (0.14.2)
      coderay (~> 1.1)
      method_source (~> 1.0)
    require_all (3.0.0)
PLATFORMS
  x86_64-linux
DEPENDENCIES
  awesome_print
  pry
  require_all
BUNDLED WITH
   2.4.7
